GIT
  remote: https://github.com/awaxa/lita-reddit.git
  revision: 1aad4409cc352cbe858c24fbc1fb974724c03571
  branch: https
  specs:
    lita-reddit (0.0.8)
      lita

GIT
  remote: https://github.com/dosman711/lita-diabetes.git
  revision: d3559180b110b51a01d9dff80e66fa8561237b68
  branch: master
  specs:
    lita-diabetes (0.0.1)
      lita (>= 4.2)

GEM
  remote: https://rubygems.org/
  specs:
    ast (2.3.0)
    cinch (2.3.4)
    coderay (1.1.2)
    concurrent-ruby (1.0.5)
    faraday (0.13.1)
      multipart-post (>= 1.2, < 3)
    http_router (0.11.2)
      rack (>= 1.0.0)
      url_mount (~> 0.2.1)
    i18n (0.9.1)
      concurrent-ruby (~> 1.0)
    ice_nine (0.11.2)
    lita (4.7.1)
      bundler (>= 1.3)
      faraday (>= 0.8.7)
      http_router (>= 0.11.2)
      i18n (>= 0.6.9)
      ice_nine (>= 0.11.0)
      multi_json (>= 1.7.7)
      puma (>= 2.7.1)
      rack (>= 1.5.2, < 2.0.0)
      rb-readline (>= 0.5.1)
      redis-namespace (>= 1.3.0)
      thor (>= 0.18.1)
    lita-eval (0.2.0)
      lita (~> 4.3)
    lita-irc (2.2.0)
      cinch (>= 2.0)
      lita (>= 4.0)
    lita-keepalive (0.0.2)
      lita (~> 4.0)
    method_source (0.9.0)
    multi_json (1.12.2)
    multipart-post (2.0.0)
    parallel (1.12.0)
    parser (2.4.0.0)
      ast (~> 2.2)
    powerpack (0.1.1)
    pry (0.11.2)
      coderay (~> 1.1.0)
      method_source (~> 0.9.0)
    puma (3.10.0)
    rack (1.6.8)
    rainbow (2.2.2)
      rake
    rake (12.2.1)
    rb-readline (0.5.5)
    redis (4.0.1)
    redis-namespace (1.6.0)
      redis (>= 3.0.4)
    rubocop (0.51.0)
      parallel (~> 1.10)
      parser (>= 2.3.3.1, < 3.0)
      powerpack (~> 0.1)
      rainbow (>= 2.2.2, < 3.0)
      ruby-progressbar (~> 1.7)
      unicode-display_width (~> 1.0, >= 1.0.1)
    ruby-progressbar (1.9.0)
    thor (0.20.0)
    unicode-display_width (1.3.0)
    url_mount (0.2.1)
      rack

PLATFORMS
  ruby

DEPENDENCIES
  lita
  lita-diabetes!
  lita-eval
  lita-irc
  lita-keepalive
  lita-reddit!
  pry
  rubocop

BUNDLED WITH
   1.16.0
