GIT
  remote: https://github.com/dosman711/lita-diabetes.git
  revision: d3559180b110b51a01d9dff80e66fa8561237b68
  branch: master
  specs:
    lita-diabetes (0.0.1)
      lita (>= 4.2)

GIT
  remote: https://github.com/dosman711/lita-reddit.git
  revision: 080cb6e86a302d3fae7a5cad5ca09c1bd47ba04d
  branch: master
  specs:
    lita-reddit (0.0.8)
      lita

GEM
  remote: https://rubygems.org/
  specs:
    cinch (2.3.3)
    coderay (1.1.1)
    faraday (0.12.1)
      multipart-post (>= 1.2, < 3)
    http_router (0.11.2)
      rack (>= 1.0.0)
      url_mount (~> 0.2.1)
    i18n (0.8.4)
    ice_nine (0.11.2)
    lita (4.7.1)
      bundler (>= 1.3)
      faraday (>= 0.8.7)
      http_router (>= 0.11.2)
      i18n (>= 0.6.9)
      ice_nine (>= 0.11.0)
      multi_json (>= 1.7.7)
      puma (>= 2.7.1)
      rack (>= 1.5.2, < 2.0.0)
      rb-readline (>= 0.5.1)
      redis-namespace (>= 1.3.0)
      thor (>= 0.18.1)
    lita-irc (2.2.0)
      cinch (>= 2.0)
      lita (>= 4.0)
    lita-keepalive (0.0.2)
      lita (~> 4.0)
    method_source (0.8.2)
    multi_json (1.12.1)
    multipart-post (2.0.0)
    pry (0.10.4)
      coderay (~> 1.1.0)
      method_source (~> 0.8.1)
      slop (~> 3.4)
    puma (3.9.1)
    rack (1.6.8)
    rb-readline (0.5.4)
    redis (3.3.3)
    redis-namespace (1.5.3)
      redis (~> 3.0, >= 3.0.4)
    slop (3.6.0)
    thor (0.19.4)
    url_mount (0.2.1)
      rack

PLATFORMS
  ruby

DEPENDENCIES
  lita
  lita-diabetes!
  lita-irc
  lita-keepalive
  lita-reddit!
  pry

BUNDLED WITH
   1.14.6
